GEM
  remote: http://rubygems.org/
  specs:
    activemodel (3.1.3)
      activesupport (= 3.1.3)
      builder (~> 3.0.0)
      i18n (~> 0.6)
    activerecord (3.1.3)
      activemodel (= 3.1.3)
      activesupport (= 3.1.3)
      arel (~> 2.2.1)
      tzinfo (~> 0.3.29)
    activesupport (3.1.3)
      multi_json (~> 1.0)
    arel (2.2.1)
    atk (1.0.3-x86-mingw32)
      glib2 (>= 1.0.3)
    builder (3.0.0)
    cairo (1.10.2-x86-mingw32)
    gdk_pixbuf2 (1.0.3-x86-mingw32)
      glib2 (>= 1.0.3)
    glib2 (1.0.3-x86-mingw32)
      pkg-config
    green_shoes (1.1.348)
      gtk2
    gtk2 (1.0.3-x86-mingw32)
      atk (>= 1.0.3)
      gdk_pixbuf2 (>= 1.0.3)
      pango (>= 1.0.3)
    i18n (0.6.0)
    multi_json (1.0.4)
    pango (1.0.3-x86-mingw32)
      cairo (>= 1.10.0)
      glib2 (>= 1.0.3)
    pkg-config (1.1.2)
    tzinfo (0.3.31)

PLATFORMS
  x86-mingw32

DEPENDENCIES
  activerecord
  green_shoes
